GEM
  remote: https://rubygems.org/
  specs:
    ansi (1.4.3)
    backports (3.6.0)
    capybara (2.2.1)
      mime-types (>= 1.16)
      nokogiri (>= 1.3.3)
      rack (>= 1.0.0)
      rack-test (>= 0.5.4)
      xpath (~> 2.0)
    docile (1.1.3)
    dotenv (0.10.0)
    hashie (2.0.5)
    hike (1.2.3)
    i18n (0.6.9)
    linkedin (0.4.6)
      hashie (>= 1.2, < 2.1)
      multi_json (~> 1.0)
      oauth (~> 0.4)
    metaclass (0.0.4)
    mime-types (2.2)
    mini_portile (0.5.2)
    minitest (4.7.5)
    minitest-ansi (0.1.3)
      ansi (~> 1.3)
      minitest (>= 2.5, < 5.0)
    mocha (1.0.0)
      metaclass (~> 0.0.1)
    multi_json (1.9.0)
    nest (1.1.2)
      redis
    nokogiri (1.6.1)
      mini_portile (~> 0.5.0)
    oauth (0.4.7)
    ohm (1.3.2)
      nest (~> 1.0)
      redis
      scrivener (~> 0.0.3)
    ohm-contrib (1.2)
      ohm (~> 1.2)
    puma (2.8.1)
      rack (>= 1.1, < 2.0)
    rack (1.5.2)
    rack-protection (1.5.2)
      rack
    rack-test (0.6.2)
      rack (>= 1.0)
    rake (10.1.1)
    redis (3.0.7)
    scrivener (0.0.3)
    shotgun (0.9)
      rack (>= 1.0)
    simplecov (0.8.2)
      docile (~> 1.1.0)
      multi_json
      simplecov-html (~> 0.8.0)
    simplecov-html (0.8.0)
    sinatra (1.4.4)
      rack (~> 1.4)
      rack-protection (~> 1.4)
      tilt (~> 1.3, >= 1.3.4)
    sinatra-contrib (1.4.2)
      backports (>= 2.0)
      multi_json
      rack-protection
      rack-test
      sinatra (~> 1.4.0)
      tilt (~> 1.3)
    sinatra-partial (0.4.0)
      sinatra
    sprockets (2.11.0)
      hike (~> 1.2)
      multi_json (~> 1.0)
      rack (~> 1.0)
      tilt (~> 1.1, != 1.3.0)
    tilt (1.4.1)
    xpath (2.0.0)
      nokogiri (~> 1.3)

PLATFORMS
  ruby

DEPENDENCIES
  capybara (~> 2.2.1)
  dotenv (~> 0.10.0)
  i18n
  linkedin (~> 0.4.6)
  minitest
  minitest-ansi (~> 0.1.2)
  mocha (~> 1.0.0)
  ohm (~> 1.3.2)
  ohm-contrib (~> 1.2)
  puma (~> 2.8.1)
  rack-test
  rake
  shotgun (~> 0.9)
  simplecov (~> 0.8.2)
  sinatra
  sinatra-contrib (~> 1.4.2)
  sinatra-partial (~> 0.4.0)
  sprockets (~> 2.11.0)
